GEM
  remote: https://rubygems.org/
  specs:
    coderay (1.1.3)
    color (1.8)
    method_source (1.0.0)
    mini_magick (4.12.0)
    paint (2.3.0)
    pry (0.14.1)
      coderay (~> 1.1)
      method_source (~> 1.0)
    pry-nav (1.0.0)
      pry (>= 0.9.10, < 0.15)

PLATFORMS
  arm64-darwin-21
  x86_64-darwin-20

DEPENDENCIES
  color (~> 1.8)
  mini_magick (~> 4.11)
  paint (~> 2.2)
  pry (~> 0.14.1)
  pry-nav (~> 1.0)

BUNDLED WITH
   2.4.1
